GEM
  remote: http://rubygems.org/
  specs:
    abstract (1.0.0)
    actionmailer (3.0.6)
      actionpack (= 3.0.6)
      mail (~> 2.2.15)
    actionpack (3.0.6)
      activemodel (= 3.0.6)
      activesupport (= 3.0.6)
      builder (~> 2.1.2)
      erubis (~> 2.6.6)
      i18n (~> 0.5.0)
      rack (~> 1.2.1)
      rack-mount (~> 0.6.14)
      rack-test (~> 0.5.7)
      tzinfo (~> 0.3.23)
    activemodel (3.0.6)
      activesupport (= 3.0.6)
      builder (~> 2.1.2)
      i18n (~> 0.5.0)
    activerecord (3.0.6)
      activemodel (= 3.0.6)
      activesupport (= 3.0.6)
      arel (~> 2.0.2)
      tzinfo (~> 0.3.23)
    activeresource (3.0.6)
      activemodel (= 3.0.6)
      activesupport (= 3.0.6)
    activesupport (3.0.6)
    arel (2.0.9)
    bcrypt-ruby (2.1.4)
    builder (2.1.2)
    capybara (0.4.1.2)
      celerity (>= 0.7.9)
      culerity (>= 0.2.4)
      mime-types (>= 1.16)
      nokogiri (>= 1.3.3)
      rack (>= 1.0.0)
      rack-test (>= 0.5.4)
      selenium-webdriver (>= 0.0.27)
      xpath (~> 0.1.3)
    celerity (0.8.9)
    childprocess (0.1.8)
      ffi (~> 1.0.6)
    cucumber (0.10.2)
      builder (>= 2.1.2)
      diff-lcs (>= 1.1.2)
      gherkin (>= 2.3.5)
      json (>= 1.4.6)
      term-ansicolor (>= 1.0.5)
    cucumber-rails (0.4.1)
      cucumber (>= 0.10.1)
      nokogiri (>= 1.4.4)
      rack-test (>= 0.5.7)
    culerity (0.2.15)
    database_cleaner (0.6.6)
    devise (1.2.1)
      bcrypt-ruby (~> 2.1.2)
      orm_adapter (~> 0.0.3)
      warden (~> 1.0.3)
    diff-lcs (1.1.2)
    erubis (2.6.6)
      abstract (>= 1.0.0)
    ffi (1.0.7)
      rake (>= 0.8.7)
    forgery (0.3.7)
      nokogiri (~> 1.4)
    gherkin (2.3.5)
      json (>= 1.4.6)
    i18n (0.5.0)
    json (1.5.1)
    json_pure (1.5.1)
    mail (2.2.15)
      activesupport (>= 2.3.6)
      i18n (>= 0.4.0)
      mime-types (~> 1.16)
      treetop (~> 1.4.8)
    medie (1.0.0)
      actionpack (>= 3.0.0)
      activesupport
      json_pure
      methodize
    methodize (0.1)
    mime-types (1.16)
    nokogiri (1.4.4)
    orm_adapter (0.0.4)
    polyglot (0.3.1)
    rack (1.2.2)
    rack-conneg (0.1.4)
      rack (>= 1.0)
    rack-mount (0.6.14)
      rack (>= 1.0.0)
    rack-test (0.5.7)
      rack (>= 1.0)
    rails (3.0.6)
      actionmailer (= 3.0.6)
      actionpack (= 3.0.6)
      activerecord (= 3.0.6)
      activeresource (= 3.0.6)
      activesupport (= 3.0.6)
      bundler (~> 1.0)
      railties (= 3.0.6)
    railties (3.0.6)
      actionpack (= 3.0.6)
      activesupport (= 3.0.6)
      rake (>= 0.8.7)
      thor (~> 0.14.4)
    rake (0.8.7)
    respondie (0.9.0)
    restfulie (1.0.0)
      json_pure (>= 1.2.4)
      medie (~> 1.0.0)
      nokogiri (>= 1.4.2)
      rack-conneg
      respondie (~> 0.9.0)
      tokamak (~> 1.1.2)
    rspec (2.5.0)
      rspec-core (~> 2.5.0)
      rspec-expectations (~> 2.5.0)
      rspec-mocks (~> 2.5.0)
    rspec-core (2.5.1)
    rspec-expectations (2.5.0)
      diff-lcs (~> 1.1.2)
    rspec-mocks (2.5.0)
    rspec-rails (2.5.0)
      actionpack (~> 3.0)
      activesupport (~> 3.0)
      railties (~> 3.0)
      rspec (~> 2.5.0)
    rubyzip (0.9.4)
    selenium-webdriver (0.1.4)
      childprocess (>= 0.1.7)
      ffi (>= 1.0.7)
      json_pure
      rubyzip
    sqlite3 (1.3.3)
    term-ansicolor (1.0.5)
    thor (0.14.6)
    tokamak (1.1.5)
      json_pure
      nokogiri
    treetop (1.4.9)
      polyglot (>= 0.3.1)
    tzinfo (0.3.26)
    warden (1.0.3)
      rack (>= 1.0.0)
    xpath (0.1.3)
      nokogiri (~> 1.3)

PLATFORMS
  ruby

DEPENDENCIES
  capybara
  cucumber
  cucumber-rails
  database_cleaner
  devise
  forgery
  rails (= 3.0.6)
  restfulie
  rspec-rails (~> 2.4)
  sqlite3
